PATH
  remote: .
  specs:
    training_gym_lesson_batch (0.1.0)

GEM
  remote: https://rubygems.org/
  specs:
    byebug (10.0.2)
    childprocess (0.9.0)
      ffi (~> 1.0, >= 1.0.11)
    coderay (1.1.2)
    concurrent-ruby (1.1.4)
    data_magic (1.2)
      faker (>= 1.1.2)
      yml_reader (>= 0.6)
    diff-lcs (1.3)
    faker (1.9.1)
      i18n (>= 0.7)
    ffi (1.9.25)
    i18n (1.3.0)
      concurrent-ruby (~> 1.0)
    method_source (0.9.2)
    mini_portile2 (2.4.0)
    nokogiri (1.9.1)
      mini_portile2 (~> 2.4.0)
    page-object (2.2.5)
      page_navigation (>= 0.10)
      selenium-webdriver (~> 3.0)
      watir (~> 6.8)
    page_navigation (0.10)
      data_magic (>= 0.22)
    pry (0.12.2)
      coderay (~> 1.1.0)
      method_source (~> 0.9.0)
    pry-byebug (3.6.0)
      byebug (~> 10.0)
      pry (~> 0.10)
    rake (10.5.0)
    regexp_parser (1.3.0)
    rspec (3.8.0)
      rspec-core (~> 3.8.0)
      rspec-expectations (~> 3.8.0)
      rspec-mocks (~> 3.8.0)
    rspec-core (3.8.0)
      rspec-support (~> 3.8.0)
    rspec-expectations (3.8.2)
      diff-lcs (>= 1.2.0, < 2.0)
      rspec-support (~> 3.8.0)
    rspec-mocks (3.8.0)
      diff-lcs (>= 1.2.0, < 2.0)
      rspec-support (~> 3.8.0)
    rspec-support (3.8.0)
    rubyzip (1.2.2)
    selenium-webdriver (3.141.0)
      childprocess (~> 0.5)
      rubyzip (~> 1.2, >= 1.2.2)
    watir (6.16.0)
      regexp_parser (~> 1.2)
      selenium-webdriver (~> 3.6)
    yml_reader (0.7)

PLATFORMS
  ruby

DEPENDENCIES
  bundler (~> 1.17)
  nokogiri
  page-object
  pry-byebug
  rake (~> 10.0)
  rspec (~> 3.0)
  selenium-webdriver
  training_gym_lesson_batch!

BUNDLED WITH
   1.17.2
